GEM
  remote: https://rubygems.org/
  specs:
    rake (13.0.3)

PLATFORMS
  x64-mingw32

DEPENDENCIES
  rake

BUNDLED WITH
   2.1.4
